GEM
  remote: https://rubygems.org/
  specs:
    excon (0.31.0)
    heroics (0.0.1)
      excon
      moneta
      multi_json
      netrc
    moneta (0.7.20)
    multi_json (1.8.4)
    netrc (0.7.7)

PLATFORMS
  ruby

DEPENDENCIES
  heroics
  netrc
